GEM
  remote: https://rubygems.org/
  specs:
    bond (0.5.1)
    ffi (1.9.7)
    ffi-rzmq (2.0.4)
      ffi-rzmq-core (>= 1.0.1)
    ffi-rzmq-core (1.0.3)
      ffi (~> 1.9)
    iruby (0.1.13)
      bond (~> 0.5.0)
      ffi-rzmq (~> 2.0)
      mimemagic (~> 0.2.0)
      multi_json (~> 1.10.0)
    mimemagic (0.2.1)
    multi_json (1.10.1)
    polyglot (0.3.5)
    treetop (1.5.3)
      polyglot (~> 0.3)

PLATFORMS
  ruby

DEPENDENCIES
  iruby
  treetop
